GEM
  remote: https://rubygems.org/
  specs:
    activesupport (5.2.8.1)
      concurrent-ruby (~> 1.0, >= 1.0.2)
      i18n (>= 0.7, < 2)
      minitest (~> 5.1)
      tzinfo (~> 1.1)
    addressable (2.5.2)
      public_suffix (>= 2.0.2, < 4.0)
    albino (1.3.3)
      posix-spawn (>= 0.3.6)
    async (2.2.1)
      console (~> 1.10)
      io-event (~> 1.1.0)
      timers (~> 4.1)
    classifier (1.3.5)
      fast-stemmer (~> 1.0.0)
      mathn
      rake
    concurrent-ruby (1.1.10)
    console (1.16.2)
      fiber-local
    directory_watcher (1.5.1)
    ethon (0.12.0)
      ffi (>= 1.3.0)
    faraday (2.6.0)
      faraday-net_http (>= 2.0, < 3.1)
      ruby2_keywords (>= 0.0.4)
    faraday-net_http (3.0.1)
    fast-stemmer (1.0.2)
    ffi (1.13.1)
    fiber-local (1.0.0)
    html-proofer (5.0.0)
      addressable (~> 2.3)
      async (~> 2.1)
      nokogiri (~> 1.13)
      rainbow (~> 3.0)
      typhoeus (~> 1.3)
      yell (~> 2.0)
      zeitwerk (~> 2.5)
    i18n (1.12.0)
      concurrent-ruby (~> 1.0)
    io-event (1.1.1)
    jekyll (0.11.0)
      albino (>= 1.3.2)
      classifier (>= 1.3.1)
      directory_watcher (>= 1.1.1)
      kramdown (>= 0.13.2)
      liquid (>= 1.9.0)
      maruku (>= 0.5.9)
    jekyll-gist (1.5.0)
      octokit (~> 4.2)
    jekyll-paginate (1.1.0)
    kramdown (2.3.0)
      rexml
    liquid (4.0.3)
    maruku (0.7.3)
    mathn (0.1.0)
    mini_magick (4.10.1)
    mini_portile2 (2.8.0)
    minitest (5.16.3)
    nokogiri (1.13.9)
      mini_portile2 (~> 2.8.0)
      racc (~> 1.4)
    octokit (4.25.1)
      faraday (>= 1, < 3)
      sawyer (~> 0.9)
    pkg-config (1.4.1)
    posix-spawn (0.3.15)
    public_suffix (3.1.1)
    racc (1.6.0)
    rainbow (3.0.0)
    rake (13.0.6)
    rexml (3.2.4)
    rouge (4.0.0)
    ruby2_keywords (0.0.5)
    sawyer (0.9.2)
      addressable (>= 2.3.5)
      faraday (>= 0.17.3, < 3)
    thread_safe (0.3.6)
    timers (4.3.5)
    typhoeus (1.4.0)
      ethon (>= 0.9.0)
    tzinfo (1.2.10)
      thread_safe (~> 0.1)
    yell (2.2.2)
    zeitwerk (2.6.1)

PLATFORMS
  ruby

DEPENDENCIES
  activesupport (~> 5.2)
  html-proofer
  jekyll
  jekyll-gist
  jekyll-paginate
  mini_magick
  nokogiri (~> 1.13.9)
  pkg-config
  rouge

BUNDLED WITH
   2.1.4
